GIT
  remote: git://github.com/TimothyKlim/imdb.git
  revision: 2690d4000e30ccdd8d690498edb18a68b405bd4e
  specs:
    imdb (0.6.8)
      nokogiri

GIT
  remote: git://github.com/kenpratt/wikipedia-client.git
  revision: b0008cde490b4165fce211a06bf9032c7d06e4f3
  specs:
    wikipedia-client (1.0.1)

GEM
  remote: http://rubygems.org/
  specs:
    activemodel (3.2.1)
      activesupport (= 3.2.1)
      builder (~> 3.0.0)
    activerecord (3.2.1)
      activemodel (= 3.2.1)
      activesupport (= 3.2.1)
      arel (~> 3.0.0)
      tzinfo (~> 0.3.29)
    activesupport (3.2.1)
      i18n (~> 0.6)
      multi_json (~> 1.0)
    arel (3.0.0)
    builder (3.0.0)
    eventmachine (0.12.10)
    eventmachine (0.12.10-java)
    i18n (0.6.0)
    multi_json (1.0.4)
    mysql2 (0.3.11)
    nokogiri (1.5.0)
    nokogiri (1.5.0-java)
    tzinfo (0.3.31)

PLATFORMS
  java
  ruby

DEPENDENCIES
  activerecord (~> 3.2.1)
  eventmachine
  imdb!
  mysql2
  wikipedia-client!
