PATH
  remote: /Users/timothyklim/Development/imdb
  specs:
    imdb (0.6.8)
      nokogiri

GEM
  remote: http://rubygems.org/
  specs:
    activemodel (3.2.1)
      activesupport (= 3.2.1)
      builder (~> 3.0.0)
    activerecord (3.2.1)
      activemodel (= 3.2.1)
      activesupport (= 3.2.1)
      arel (~> 3.0.0)
      tzinfo (~> 0.3.29)
    activesupport (3.2.1)
      i18n (~> 0.6)
      multi_json (~> 1.0)
    arel (3.0.0)
    builder (3.0.0)
    i18n (0.6.0)
    multi_json (1.0.4)
    mysql2 (0.3.11)
    nokogiri (1.5.0)
    nokogiri (1.5.0-java)
    tzinfo (0.3.31)

PLATFORMS
  java
  ruby

DEPENDENCIES
  activerecord (~> 3.2.1)
  imdb!
  mysql2
